GIT
  remote: git://github.com/aphyr/meangirls.git
  revision: 5bf3a2fd405a9fdcaf27acf7887e7d8dc5506e9d
  branch: master
  specs:
    meangirls (0.1.1)

GEM
  remote: https://rubygems.org/
  specs:
    coderay (1.0.9)
    method_source (0.8.2)
    pry (0.9.12.2)
      coderay (~> 1.0.5)
      method_source (~> 0.8)
      slop (~> 3.4)
    slop (3.4.6)
    yajl-ruby (1.1.0)

PLATFORMS
  ruby

DEPENDENCIES
  meangirls!
  pry
  yajl-ruby
